GEM
  remote: https://rubygems.org/
  specs:
    httparty (0.20.0)
      mime-types (~> 3.0)
      multi_xml (>= 0.5.2)
    mime-types (3.4.1)
      mime-types-data (~> 3.2015)
    mime-types-data (3.2022.0105)
    moodle_rb (2.1.0)
      httparty (>= 0.11.0)
    multi_xml (0.6.0)

PLATFORMS
  x86_64-linux

DEPENDENCIES
  moodle_rb

BUNDLED WITH
   2.3.11
