GEM
  remote: https://rubygems.org/
  specs:
    activesupport (7.0.3)
      concurrent-ruby (~> 1.0, >= 1.0.2)
      i18n (>= 1.6, < 2)
      minitest (>= 5.1)
      tzinfo (~> 2.0)
    concurrent-ruby (1.1.10)
    fetcher (0.4.5)
      logutils (>= 0.6)
    gli (2.21.0)
    i18n (1.10.0)
      concurrent-ruby (~> 1.0)
    iniparser (1.0.1)
    kramdown (2.4.0)
      rexml
    kramdown-parser-gfm (1.1.0)
      kramdown (~> 2.0)
    liquid (5.3.0)
    logutils (0.6.1)
    minitest (5.16.0)
    pakman (1.1.0)
      fetcher (>= 0.4.5)
      liquid (>= 4.0.0)
      logutils (>= 0.6.1)
    props (1.2.0)
      iniparser (>= 0.1.0)
    rexml (3.2.5)
    rubyzip (2.3.2)
    slideshow (4.1.0)
      gli (>= 2.13.4)
      slideshow-models (>= 4.1.0)
    slideshow-models (4.1.0)
      activesupport
      kramdown (>= 2.1.0)
      kramdown-parser-gfm (>= 1.0.1)
      logutils (>= 0.6.1)
      pakman (>= 1.1.0)
      props (>= 1.2.0)
      textutils (>= 1.4.0)
    textutils (1.4.0)
      activesupport
      logutils (>= 0.6.1)
      props (>= 1.1.2)
      rubyzip (>= 1.0.0)
    tzinfo (2.0.4)
      concurrent-ruby (~> 1.0)

PLATFORMS
  x86_64-linux

DEPENDENCIES
  slideshow

BUNDLED WITH
   2.3.11
