GEM
  remote: https://rubygems.org/
  specs:
    sorbet-runtime (0.5.10526)

PLATFORMS
  x86_64-linux

DEPENDENCIES
  sorbet-runtime

BUNDLED WITH
   2.3.18
