GEM
  remote: https://rubygems.org/
  specs:
    activesupport (7.0.2.4)
      concurrent-ruby (~> 1.0, >= 1.0.2)
      i18n (>= 1.6, < 2)
      minitest (>= 5.1)
      tzinfo (~> 2.0)
    albino (1.3.3)
      posix-spawn (>= 0.3.6)
    classifier (1.3.5)
      fast-stemmer (~> 1.0.0)
      mathn
      rake
    concurrent-ruby (1.1.10)
    directory_watcher (1.5.1)
    fast-stemmer (1.0.2)
    fetcher (0.4.5)
      logutils (>= 0.6)
    gli (2.21.0)
    i18n (1.10.0)
      concurrent-ruby (~> 1.0)
    iniparser (1.0.1)
    jekyll (0.11.0)
      albino (>= 1.3.2)
      classifier (>= 1.3.1)
      directory_watcher (>= 1.1.1)
      kramdown (>= 0.13.2)
      liquid (>= 1.9.0)
      maruku (>= 0.5.9)
    kramdown (2.4.0)
      rexml
    kramdown-parser-gfm (1.1.0)
      kramdown (~> 2.0)
    liquid (5.3.0)
    logutils (0.6.1)
    maruku (0.7.3)
    mathn (0.1.0)
    minitest (5.15.0)
    pakman (1.1.0)
      fetcher (>= 0.4.5)
      liquid (>= 4.0.0)
      logutils (>= 0.6.1)
    posix-spawn (0.3.15)
    props (1.2.0)
      iniparser (>= 0.1.0)
    rake (13.0.6)
    rexml (3.2.5)
    rubyzip (2.3.2)
    slideshow (4.1.0)
      gli (>= 2.13.4)
      slideshow-models (>= 4.1.0)
    slideshow-models (4.1.0)
      activesupport
      kramdown (>= 2.1.0)
      kramdown-parser-gfm (>= 1.0.1)
      logutils (>= 0.6.1)
      pakman (>= 1.1.0)
      props (>= 1.2.0)
      textutils (>= 1.4.0)
    textutils (1.4.0)
      activesupport
      logutils (>= 0.6.1)
      props (>= 1.1.2)
      rubyzip (>= 1.0.0)
    tzinfo (2.0.4)
      concurrent-ruby (~> 1.0)

PLATFORMS
  x86_64-linux

DEPENDENCIES
  jekyll
  slideshow

BUNDLED WITH
   2.3.3
