GEM
  remote: https://rubygems.org/
  specs:
    atk (3.4.3)
      glib2 (= 3.4.3)
    cairo (1.17.5)
      native-package-installer (>= 1.0.3)
      pkg-config (>= 1.2.2)
      red-colors
    cairo-gobject (3.4.3)
      cairo (>= 1.16.2)
      glib2 (= 3.4.3)
    gdk_pixbuf2 (3.4.3)
      gio2 (= 3.4.3)
    gio2 (3.4.3)
      gobject-introspection (= 3.4.3)
    glib2 (3.4.3)
      native-package-installer (>= 1.0.3)
      pkg-config (>= 1.3.5)
    gobject-introspection (3.4.3)
      glib2 (= 3.4.3)
    gtk2 (3.4.3)
      atk (= 3.4.3)
      gdk_pixbuf2 (= 3.4.3)
      pango (= 3.4.3)
    matrix (0.4.2)
    native-package-installer (1.1.4)
    pango (3.4.3)
      cairo-gobject (= 3.4.3)
      gobject-introspection (= 3.4.3)
    pkg-config (1.4.7)
    red-colors (0.3.0)
      matrix

PLATFORMS
  x86_64-linux

DEPENDENCIES
  gtk2

BUNDLED WITH
   2.3.11
